GEM
  remote: https://rubygems.org/
  specs:
    actioncable (6.1.7.2)
      actionpack (= 6.1.7.2)
      activesupport (= 6.1.7.2)
      nio4r (~> 2.0)
      websocket-driver (>= 0.6.1)
    actionmailbox (6.1.7.2)
      actionpack (= 6.1.7.2)
      activejob (= 6.1.7.2)
      activerecord (= 6.1.7.2)
      activestorage (= 6.1.7.2)
      activesupport (= 6.1.7.2)
      mail (>= 2.7.1)
    actionmailer (6.1.7.2)
      actionpack (= 6.1.7.2)
      actionview (= 6.1.7.2)
      activejob (= 6.1.7.2)
      activesupport (= 6.1.7.2)
      mail (~> 2.5, >= 2.5.4)
      rails-dom-testing (~> 2.0)
    actionpack (6.1.7.2)
      actionview (= 6.1.7.2)
      activesupport (= 6.1.7.2)
      rack (~> 2.0, >= 2.0.9)
      rack-test (>= 0.6.3)
      rails-dom-testing (~> 2.0)
      rails-html-sanitizer (~> 1.0, >= 1.2.0)
    actiontext (6.1.7.2)
      actionpack (= 6.1.7.2)
      activerecord (= 6.1.7.2)
      activestorage (= 6.1.7.2)
      activesupport (= 6.1.7.2)
      nokogiri (>= 1.8.5)
    actionview (6.1.7.2)
      activesupport (= 6.1.7.2)
      builder (~> 3.1)
      erubi (~> 1.4)
      rails-dom-testing (~> 2.0)
      rails-html-sanitizer (~> 1.1, >= 1.2.0)
    activejob (6.1.7.2)
      activesupport (= 6.1.7.2)
      globalid (>= 0.3.6)
    activemodel (6.1.7.2)
      activesupport (= 6.1.7.2)
    activerecord (6.1.7.2)
      activemodel (= 6.1.7.2)
      activesupport (= 6.1.7.2)
    activestorage (6.1.7.2)
      actionpack (= 6.1.7.2)
      activejob (= 6.1.7.2)
      activerecord (= 6.1.7.2)
      activesupport (= 6.1.7.2)
      marcel (~> 1.0)
      mini_mime (>= 1.1.0)
    activesupport (6.1.7.2)
      concurrent-ruby (~> 1.0, >= 1.0.2)
      i18n (>= 1.6, < 2)
      minitest (>= 5.1)
      tzinfo (~> 2.0)
      zeitwerk (~> 2.3)
    addressable (2.8.1)
      public_suffix (>= 2.0.2, < 6.0)
    airbrussh (1.4.1)
      sshkit (>= 1.6.1, != 1.7.0)
    apexcharts (0.2.0)
    bcrypt (3.1.18)
    bcrypt_pbkdf (1.1.0)
    bindex (0.8.1)
    bootsnap (1.16.0)
      msgpack (~> 1.2)
    bugsnag (6.25.2)
      concurrent-ruby (~> 1.0)
    builder (3.2.4)
    bullet (7.0.7)
      activesupport (>= 3.0.0)
      uniform_notifier (~> 1.11)
    byebug (11.1.3)
    capistrano (3.17.1)
      airbrussh (>= 1.0.0)
      i18n
      rake (>= 10.0.0)
      sshkit (>= 1.9.0)
    capistrano-bundler (2.1.0)
      capistrano (~> 3.1)
    capistrano-passenger (0.2.1)
      capistrano (~> 3.0)
    capistrano-rails (1.6.2)
      capistrano (~> 3.1)
      capistrano-bundler (>= 1.1, < 3)
    capistrano-rbenv (2.2.0)
      capistrano (~> 3.1)
      sshkit (~> 1.3)
    capistrano-secrets-yml (1.2.1)
      capistrano (>= 3.10)
      sshkit (>= 1.17.0)
    capybara (3.38.0)
      addressable
      matrix
      mini_mime (>= 0.1.3)
      nokogiri (~> 1.8)
      rack (>= 1.6.0)
      rack-test (>= 0.6.3)
      regexp_parser (>= 1.5, < 3.0)
      xpath (~> 3.2)
    chronic (0.10.2)
    concurrent-ruby (1.2.0)
    connection_pool (2.3.0)
    crass (1.0.6)
    date (3.3.3)
    devise (4.8.1)
      bcrypt (~> 3.0)
      orm_adapter (~> 0.1)
      railties (>= 4.1.0)
      responders
      warden (~> 1.2.3)
    diff-lcs (1.5.0)
    docile (1.4.0)
    dotenv (2.8.1)
    dotenv-rails (2.8.1)
      dotenv (= 2.8.1)
      railties (>= 3.2)
    ed25519 (1.3.0)
    erubi (1.12.0)
    factory_bot (6.2.1)
      activesupport (>= 5.0.0)
    factory_bot_rails (6.2.0)
      factory_bot (~> 6.2.0)
      railties (>= 5.0.0)
    faker (3.1.1)
      i18n (>= 1.8.11, < 2)
    ffi (1.15.5)
    globalid (1.1.0)
      activesupport (>= 5.0)
    groupdate (6.2.0)
      activesupport (>= 5.2)
    i18n (1.12.0)
      concurrent-ruby (~> 1.0)
    image_processing (1.12.2)
      mini_magick (>= 4.9.5, < 5)
      ruby-vips (>= 2.0.17, < 3)
    jbuilder (2.11.5)
      actionview (>= 5.0.0)
      activesupport (>= 5.0.0)
    jquery-rails (4.5.1)
      rails-dom-testing (>= 1, < 3)
      railties (>= 4.2.0)
      thor (>= 0.14, < 2.0)
    listen (3.8.0)
      rb-fsevent (~> 0.10, >= 0.10.3)
      rb-inotify (~> 0.9, >= 0.9.10)
    loofah (2.19.1)
      crass (~> 1.0.2)
      nokogiri (>= 1.5.9)
    mail (2.8.1)
      mini_mime (>= 0.1.1)
      net-imap
      net-pop
      net-smtp
    marcel (1.0.2)
    matrix (0.4.2)
    method_source (1.0.0)
    mini_magick (4.12.0)
    mini_mime (1.1.2)
    mini_portile2 (2.8.1)
    minitest (5.17.0)
    msgpack (1.6.0)
    net-imap (0.3.4)
      date
      net-protocol
    net-pop (0.1.2)
      net-protocol
    net-protocol (0.2.1)
      timeout
    net-scp (4.0.0)
      net-ssh (>= 2.6.5, < 8.0.0)
    net-smtp (0.3.3)
      net-protocol
    net-ssh (7.0.1)
    nio4r (2.5.8)
    nokogiri (1.14.1)
      mini_portile2 (~> 2.8.0)
      racc (~> 1.4)
    orm_adapter (0.5.0)
    pagy (6.0.1)
    pg (1.4.5)
    public_suffix (5.0.1)
    puma (5.6.5)
      nio4r (~> 2.0)
    racc (1.6.2)
    rack (2.2.6.2)
    rack-mini-profiler (2.3.4)
      rack (>= 1.2.0)
    rack-proxy (0.7.6)
      rack
    rack-test (2.0.2)
      rack (>= 1.3)
    rails (6.1.7.2)
      actioncable (= 6.1.7.2)
      actionmailbox (= 6.1.7.2)
      actionmailer (= 6.1.7.2)
      actionpack (= 6.1.7.2)
      actiontext (= 6.1.7.2)
      actionview (= 6.1.7.2)
      activejob (= 6.1.7.2)
      activemodel (= 6.1.7.2)
      activerecord (= 6.1.7.2)
      activestorage (= 6.1.7.2)
      activesupport (= 6.1.7.2)
      bundler (>= 1.15.0)
      railties (= 6.1.7.2)
      sprockets-rails (>= 2.0.0)
    rails-controller-testing (1.0.5)
      actionpack (>= 5.0.1.rc1)
      actionview (>= 5.0.1.rc1)
      activesupport (>= 5.0.1.rc1)
    rails-dom-testing (2.0.3)
      activesupport (>= 4.2.0)
      nokogiri (>= 1.6)
    rails-html-sanitizer (1.5.0)
      loofah (~> 2.19, >= 2.19.1)
    railties (6.1.7.2)
      actionpack (= 6.1.7.2)
      activesupport (= 6.1.7.2)
      method_source
      rake (>= 12.2)
      thor (~> 1.0)
    rake (13.0.6)
    rb-fsevent (0.11.2)
    rb-inotify (0.10.1)
      ffi (~> 1.0)
    redis (4.8.1)
    redis-client (0.12.1)
      connection_pool
    regexp_parser (2.7.0)
    responders (3.1.0)
      actionpack (>= 5.2)
      railties (>= 5.2)
    rexml (3.2.5)
    rspec-core (3.12.1)
      rspec-support (~> 3.12.0)
    rspec-expectations (3.12.2)
      diff-lcs (>= 1.2.0, < 2.0)
      rspec-support (~> 3.12.0)
    rspec-mocks (3.12.3)
      diff-lcs (>= 1.2.0, < 2.0)
      rspec-support (~> 3.12.0)
    rspec-rails (6.0.1)
      actionpack (>= 6.1)
      activesupport (>= 6.1)
      railties (>= 6.1)
      rspec-core (~> 3.11)
      rspec-expectations (~> 3.11)
      rspec-mocks (~> 3.11)
      rspec-support (~> 3.11)
    rspec-support (3.12.0)
    ruby-vips (2.1.4)
      ffi (~> 1.12)
    rubyzip (2.3.2)
    sass-rails (6.0.0)
      sassc-rails (~> 2.1, >= 2.1.1)
    sassc (2.4.0)
      ffi (~> 1.9)
    sassc-rails (2.1.2)
      railties (>= 4.0.0)
      sassc (>= 2.0)
      sprockets (> 3.0)
      sprockets-rails
      tilt
    selenium-webdriver (4.8.0)
      rexml (~> 3.2, >= 3.2.5)
      rubyzip (>= 1.2.2, < 3.0)
      websocket (~> 1.0)
    semantic_range (3.0.0)
    sentry-rails (5.8.0)
      railties (>= 5.0)
      sentry-ruby (~> 5.8.0)
    sentry-ruby (5.8.0)
      concurrent-ruby (~> 1.0, >= 1.0.2)
    shoulda-matchers (5.3.0)
      activesupport (>= 5.2.0)
    sidekiq (7.0.3)
      concurrent-ruby (< 2)
      connection_pool (>= 2.3.0)
      rack (>= 2.2.4)
      redis-client (>= 0.11.0)
    simplecov (0.22.0)
      docile (~> 1.1)
      simplecov-html (~> 0.11)
      simplecov_json_formatter (~> 0.1)
    simplecov-html (0.12.3)
    simplecov_json_formatter (0.1.4)
    slim (5.0.0)
      temple (~> 0.10.0)
      tilt (>= 2.0.6, < 2.1)
    spring (4.1.1)
    sprockets (4.2.0)
      concurrent-ruby (~> 1.0)
      rack (>= 2.2.4, < 4)
    sprockets-rails (3.4.2)
      actionpack (>= 5.2)
      activesupport (>= 5.2)
      sprockets (>= 3.0.0)
    sshkit (1.21.3)
      net-scp (>= 1.1.2)
      net-ssh (>= 2.8.0)
    stimulus-rails (1.2.1)
      railties (>= 6.0.0)
    temple (0.10.0)
    thor (1.2.1)
    tilt (2.0.11)
    timeout (0.3.1)
    turbo-rails (1.3.3)
      actionpack (>= 6.0.0)
      activejob (>= 6.0.0)
      railties (>= 6.0.0)
    tzinfo (2.0.6)
      concurrent-ruby (~> 1.0)
    uniform_notifier (1.16.0)
    warden (1.2.9)
      rack (>= 2.0.9)
    web-console (4.2.0)
      actionview (>= 6.0.0)
      activemodel (>= 6.0.0)
      bindex (>= 0.4.0)
      railties (>= 6.0.0)
    webdrivers (5.2.0)
      nokogiri (~> 1.6)
      rubyzip (>= 1.3.0)
      selenium-webdriver (~> 4.0)
    webpacker (5.4.4)
      activesupport (>= 5.2)
      rack-proxy (>= 0.6.1)
      railties (>= 5.2)
      semantic_range (>= 2.3.0)
    websocket (1.2.9)
    websocket-driver (0.7.5)
      websocket-extensions (>= 0.1.0)
    websocket-extensions (0.1.5)
    whenever (1.0.0)
      chronic (>= 0.6.3)
    xpath (3.2.0)
      nokogiri (~> 1.8)
    zeitwerk (2.6.7)

PLATFORMS
  ruby

DEPENDENCIES
  apexcharts
  bcrypt_pbkdf (>= 1.0, < 2.0)
  bootsnap (>= 1.4.4)
  bugsnag (~> 6.25)
  bullet
  byebug
  capistrano (~> 3.11)
  capistrano-passenger (~> 0.2.0)
  capistrano-rails (~> 1.4)
  capistrano-rbenv (~> 2.1, >= 2.1.4)
  capistrano-secrets-yml
  capybara (>= 3.26)
  devise
  dotenv-rails
  ed25519 (>= 1.2, < 2.0)
  factory_bot_rails
  faker
  groupdate
  image_processing (~> 1.2)
  jbuilder (~> 2.7)
  jquery-rails
  listen (~> 3.3)
  pagy
  pg
  puma (~> 5.0)
  rack-mini-profiler (~> 2.0)
  rails (~> 6.1.3, >= 6.1.3.1)
  rails-controller-testing
  redis (~> 4.0)
  rspec-rails (~> 6.0.0)
  sass-rails (>= 6)
  selenium-webdriver (>= 4.0.0.rc1)
  sentry-rails
  sentry-ruby
  shoulda-matchers (~> 5.0)
  sidekiq
  simplecov
  slim
  spring
  stimulus-rails
  turbo-rails
  tzinfo-data
  web-console (>= 4.1.0)
  webdrivers
  webpacker (~> 5.0)
  whenever

RUBY VERSION
   ruby 2.7.0p0

BUNDLED WITH
   2.1.2
